GEM
  specs:
    addressable (2.2.6)
    async-rack (0.5.1)
      rack (~> 1.1)
    em-http-request (1.0.0.beta.4)
      addressable (>= 2.2.3)
      em-socksify
      eventmachine (>= 1.0.0.beta.3)
      http_parser.rb (>= 0.5.1)
    em-socksify (0.1.0)
      eventmachine
    em-synchrony (0.3.0.beta.1)
      eventmachine (>= 1.0.0.beta.1)
    eventmachine (1.0.0.beta.3)
    goliath (0.9.1)
      async-rack
      em-synchrony (>= 0.3.0.beta.1)
      eventmachine (>= 1.0.0.beta.1)
      http_parser.rb
      log4r
      multi_json
      rack (>= 1.2.2)
      rack-contrib
      rack-respond_to
    http_parser.rb (0.5.1)
    log4r (1.1.9)
    multi_json (1.0.3)
    rack (1.3.0)
    rack-accept-media-types (0.9)
    rack-contrib (1.1.0)
      rack (>= 0.9.1)
    rack-respond_to (0.9.8)
      rack-accept-media-types (>= 0.6)

PLATFORMS
  ruby

DEPENDENCIES
  em-http-request
  em-synchrony
  goliath
